GIT
  remote: https://github.com/collectionspace/collectionspace-client.git
  revision: 1c2507961a4c851a917bee31f130e4cd471dad61
  branch: main
  specs:
    collectionspace-client (1.0.0)
      httparty
      json
      nokogiri

GIT
  remote: https://github.com/collectionspace/collectionspace-mapper.git
  revision: bbe65c7fdcecd1b784a3ef6b5cd42b46476a2099
  branch: migration-tools
  specs:
    collectionspace-mapper (6.1.2)
      activesupport
      chronic
      collectionspace-client
      collectionspace-refcache
      dry-configurable
      dry-monads
      memo_wise
      net-http
      nokogiri
      xxhash
      zeitwerk

GIT
  remote: https://github.com/collectionspace/collectionspace-refcache.git
  revision: ade17428230a7b3d3d05d7384975d71bc866711f
  tag: v1.0.0
  specs:
    collectionspace-refcache (1.0.0)
      redis (~> 4.2.1)
      zache (~> 0.12.0)

GIT
  remote: https://github.com/dts-hosting/cspace_hosted_instance_access.git
  revision: 4fd32833c92cc4785c5c87aa7621a14001e49672
  branch: main
  specs:
    cspace_hosted_instance_access (0.0.1)
      aws-sdk-dynamodb
      aws-sdk-ssm
      rexml
      zeitwerk

GIT
  remote: https://github.com/kspurgin/almost_standard.git
  revision: bb4136961a2e33d2a750925935fd4df2a53cafdc
  branch: main
  specs:
    almost_standard (1.0.2)
      bundler
      rubocop
      rubocop-rspec
      standard

GEM
  remote: https://rubygems.org/
  specs:
    activesupport (8.0.2.1)
      base64
      benchmark (>= 0.3)
      bigdecimal
      concurrent-ruby (~> 1.0, >= 1.3.1)
      connection_pool (>= 2.2.5)
      drb
      i18n (>= 1.6, < 2)
      logger (>= 1.4.2)
      minitest (>= 5.1)
      securerandom (>= 0.3)
      tzinfo (~> 2.0, >= 2.0.5)
      uri (>= 0.13.1)
    amazing_print (1.8.1)
    asciidoctor (2.0.23)
    ast (2.4.3)
    aws-eventstream (1.4.0)
    aws-partitions (1.1149.0)
    aws-sdk-cloudwatchlogs (1.124.0)
      aws-sdk-core (~> 3, >= 3.228.0)
      aws-sigv4 (~> 1.5)
    aws-sdk-core (3.229.0)
      aws-eventstream (~> 1, >= 1.3.0)
      aws-partitions (~> 1, >= 1.992.0)
      aws-sigv4 (~> 1.9)
      base64
      bigdecimal
      jmespath (~> 1, >= 1.6.1)
      logger
    aws-sdk-dynamodb (1.151.0)
      aws-sdk-core (~> 3, >= 3.228.0)
      aws-sigv4 (~> 1.5)
    aws-sdk-kms (1.110.0)
      aws-sdk-core (~> 3, >= 3.228.0)
      aws-sigv4 (~> 1.5)
    aws-sdk-s3 (1.197.0)
      aws-sdk-core (~> 3, >= 3.228.0)
      aws-sdk-kms (~> 1)
      aws-sigv4 (~> 1.5)
    aws-sdk-ssm (1.201.0)
      aws-sdk-core (~> 3, >= 3.228.0)
      aws-sigv4 (~> 1.5)
    aws-sigv4 (1.12.1)
      aws-eventstream (~> 1, >= 1.0.2)
    base64 (0.3.0)
    benchmark (0.4.1)
    benchmark-memory (0.2.0)
      memory_profiler (~> 1)
    bigdecimal (3.2.2)
    bundler-leak (0.3.0)
      bundler (>= 1.2.0, < 3)
      thor (>= 0.18, < 2)
    chronic (0.10.2)
    coderay (1.1.3)
    concurrent-ruby (1.3.5)
    connection_pool (2.5.3)
    csv (3.3.5)
    date (3.4.1)
    dead_end (3.1.2)
    debug (1.11.0)
      irb (~> 1.10)
      reline (>= 0.3.8)
    diff-lcs (1.6.2)
    docile (1.4.1)
    drb (2.2.3)
    dry-configurable (1.3.0)
      dry-core (~> 1.1)
      zeitwerk (~> 2.6)
    dry-container (0.11.0)
      concurrent-ruby (~> 1.0)
    dry-core (1.1.0)
      concurrent-ruby (~> 1.0)
      logger
      zeitwerk (~> 2.6)
    dry-events (1.1.0)
      concurrent-ruby (~> 1.0)
      dry-core (~> 1.1)
    dry-inflector (1.2.0)
    dry-initializer (3.2.0)
    dry-logic (1.6.0)
      bigdecimal
      concurrent-ruby (~> 1.0)
      dry-core (~> 1.1)
      zeitwerk (~> 2.6)
    dry-matcher (1.0.0)
      dry-core (~> 1.0, < 2)
    dry-monads (1.9.0)
      concurrent-ruby (~> 1.0)
      dry-core (~> 1.1)
      zeitwerk (~> 2.6)
    dry-schema (1.14.1)
      concurrent-ruby (~> 1.0)
      dry-configurable (~> 1.0, >= 1.0.1)
      dry-core (~> 1.1)
      dry-initializer (~> 3.2)
      dry-logic (~> 1.5)
      dry-types (~> 1.8)
      zeitwerk (~> 2.6)
    dry-transaction (0.14.0)
      dry-container (>= 0.2.8)
      dry-events (>= 0.4.0)
      dry-matcher (>= 0.7.0)
      dry-monads (>= 0.5.0)
    dry-types (1.8.3)
      bigdecimal (~> 3.0)
      concurrent-ruby (~> 1.0)
      dry-core (~> 1.0)
      dry-inflector (~> 1.0)
      dry-logic (~> 1.4)
      zeitwerk (~> 2.6)
    dry-validation (1.11.1)
      concurrent-ruby (~> 1.0)
      dry-core (~> 1.1)
      dry-initializer (~> 3.2)
      dry-schema (~> 1.14)
      zeitwerk (~> 2.6)
    erb (5.0.2)
    ffi (1.17.2-aarch64-linux-gnu)
    ffi (1.17.2-aarch64-linux-musl)
    ffi (1.17.2-arm-linux-gnu)
    ffi (1.17.2-arm-linux-musl)
    ffi (1.17.2-arm64-darwin)
    ffi (1.17.2-x86_64-darwin)
    ffi (1.17.2-x86_64-linux-gnu)
    ffi (1.17.2-x86_64-linux-musl)
    formatador (1.2.0)
      reline
    guard (2.19.1)
      formatador (>= 0.2.4)
      listen (>= 2.7, < 4.0)
      logger (~> 1.6)
      lumberjack (>= 1.0.12, < 2.0)
      nenv (~> 0.1)
      notiffany (~> 0.0)
      ostruct (~> 0.6)
      pry (>= 0.13.0)
      shellany (~> 0.0)
      thor (>= 0.18.1)
    guard-compat (1.2.1)
    guard-rspec (4.7.3)
      guard (~> 2.1)
      guard-compat (~> 1.1)
      rspec (>= 2.99.0, < 4.0)
    hollaback (0.1.1)
    httparty (0.23.1)
      csv
      mini_mime (>= 1.0.0)
      multi_xml (>= 0.5.2)
    i18n (1.14.7)
      concurrent-ruby (~> 1.0)
    io-console (0.8.1)
    irb (1.15.2)
      pp (>= 0.6.0)
      rdoc (>= 4.0.0)
      reline (>= 0.4.2)
    jmespath (1.6.2)
    json (2.13.2)
    kwalify (0.7.2)
    language_server-protocol (3.17.0.5)
    lint_roller (1.1.0)
    listen (3.9.0)
      rb-fsevent (~> 0.10, >= 0.10.3)
      rb-inotify (~> 0.9, >= 0.9.10)
    logger (1.7.0)
    lumberjack (1.4.0)
    memo_wise (1.13.0)
    memory_profiler (1.1.0)
    method_source (1.1.0)
    mime-types-data (3.2021.1115)
    mini_mime (1.1.5)
    minitest (5.25.5)
    mock_redis (0.36.0)
      ruby2_keywords
    multi_xml (0.7.2)
      bigdecimal (~> 3.1)
    nenv (0.3.0)
    net-http (0.6.0)
      uri
    nokogiri (1.18.9-aarch64-linux-gnu)
      racc (~> 1.4)
    nokogiri (1.18.9-aarch64-linux-musl)
      racc (~> 1.4)
    nokogiri (1.18.9-arm-linux-gnu)
      racc (~> 1.4)
    nokogiri (1.18.9-arm-linux-musl)
      racc (~> 1.4)
    nokogiri (1.18.9-arm64-darwin)
      racc (~> 1.4)
    nokogiri (1.18.9-x86_64-darwin)
      racc (~> 1.4)
    nokogiri (1.18.9-x86_64-linux-gnu)
      racc (~> 1.4)
    nokogiri (1.18.9-x86_64-linux-musl)
      racc (~> 1.4)
    notiffany (0.1.3)
      nenv (~> 0.1)
      shellany (~> 0.0)
    ostruct (0.6.3)
    parallel (1.27.0)
    parser (3.2.2.4)
      ast (~> 2.4.1)
      racc
    pg (1.6.1)
    pg (1.6.1-aarch64-linux)
    pg (1.6.1-aarch64-linux-musl)
    pg (1.6.1-arm64-darwin)
    pg (1.6.1-x86_64-darwin)
    pg (1.6.1-x86_64-linux)
    pg (1.6.1-x86_64-linux-musl)
    pp (0.6.2)
      prettyprint
    prettyprint (0.2.0)
    pry (0.15.2)
      coderay (~> 1.1)
      method_source (~> 1.0)
    psych (5.2.6)
      date
      stringio
    racc (1.8.1)
    rainbow (3.1.1)
    rake (13.3.0)
    rb-fsevent (0.11.2)
    rb-inotify (0.11.1)
      ffi (~> 1.0)
    rdoc (6.14.2)
      erb
      psych (>= 4.0.0)
    redis (4.2.5)
    reek (6.1.4)
      kwalify (~> 0.7.0)
      parser (~> 3.2.0)
      rainbow (>= 2.0, < 4.0)
    refinements (9.8.0)
    regexp_parser (2.11.2)
    reline (0.6.2)
      io-console (~> 0.5)
    rexml (3.4.1)
    roo (2.10.1)
      nokogiri (~> 1)
      rubyzip (>= 1.3.0, < 3.0.0)
    rspec (3.13.1)
      rspec-core (~> 3.13.0)
      rspec-expectations (~> 3.13.0)
      rspec-mocks (~> 3.13.0)
    rspec-core (3.13.5)
      rspec-support (~> 3.13.0)
    rspec-expectations (3.13.5)
      diff-lcs (>= 1.2.0, < 2.0)
      rspec-support (~> 3.13.0)
    rspec-mocks (3.13.5)
      diff-lcs (>= 1.2.0, < 2.0)
      rspec-support (~> 3.13.0)
    rspec-support (3.13.5)
    rubocop (1.59.0)
      json (~> 2.3)
      language_server-protocol (>= 3.17.0)
      parallel (~> 1.10)
      parser (>= 3.2.2.4)
      rainbow (>= 2.2.2, < 4.0)
      regexp_parser (>= 1.8, < 3.0)
      rexml (>= 3.2.5, < 4.0)
      rubocop-ast (>= 1.30.0, < 2.0)
      ruby-progressbar (~> 1.7)
      unicode-display_width (>= 2.4.0, < 3.0)
    rubocop-ast (1.30.0)
      parser (>= 3.2.1.0)
    rubocop-performance (1.20.2)
      rubocop (>= 1.48.1, < 2.0)
      rubocop-ast (>= 1.30.0, < 2.0)
    rubocop-rspec (3.0.0)
      rubocop (~> 1.40)
    ruby-progressbar (1.13.0)
    ruby2_keywords (0.0.5)
    rubyzip (2.4.1)
    securerandom (0.4.1)
    shellany (0.0.1)
    simplecov (0.22.0)
      docile (~> 1.1)
      simplecov-html (~> 0.11)
      simplecov_json_formatter (~> 0.1)
    simplecov-html (0.13.2)
    simplecov_json_formatter (0.1.4)
    smarter_csv (1.7.4)
    standard (1.33.0)
      language_server-protocol (~> 3.17.0.2)
      lint_roller (~> 1.0)
      rubocop (~> 1.59.0)
      standard-custom (~> 1.0.0)
      standard-performance (~> 1.3)
    standard-custom (1.0.2)
      lint_roller (~> 1.0)
      rubocop (~> 1.50)
    standard-performance (1.3.1)
      lint_roller (~> 1.1)
      rubocop-performance (~> 1.20.2)
    stringio (3.1.7)
    tabulo (3.0.2)
      tty-screen (= 0.8.2)
      unicode-display_width (~> 2.5)
    thor (1.4.0)
    thor-hollaback (0.2.1)
      hollaback (~> 0.1)
      thor (>= 0.19.1)
    time_up (0.0.7)
    tty-screen (0.8.2)
    tzinfo (2.0.6)
      concurrent-ruby (~> 1.0)
    unicode-display_width (2.6.0)
    uri (1.0.3)
    xxhash (0.7.0)
    yard (0.9.37)
    zache (0.12.0)
    zeitwerk (2.7.3)

PLATFORMS
  aarch64-linux
  aarch64-linux-gnu
  aarch64-linux-musl
  arm-linux-gnu
  arm-linux-musl
  arm64-darwin
  x86_64-darwin
  x86_64-linux
  x86_64-linux-gnu
  x86_64-linux-musl

DEPENDENCIES
  almost_standard!
  amazing_print (~> 1.4)
  asciidoctor (~> 2.0)
  aws-sdk-cloudwatchlogs (~> 1)
  aws-sdk-s3 (~> 1)
  benchmark-memory (~> 0.2)
  bundler-leak (~> 0.2)
  collectionspace-client!
  collectionspace-mapper!
  collectionspace-refcache!
  cspace_hosted_instance_access!
  dead_end (~> 3.0)
  debug (~> 1.4)
  dry-monads
  dry-transaction
  dry-validation (~> 1.11.1)
  guard-rspec
  mime-types-data (= 3.2021.1115)
  mock_redis (= 0.36.0)
  parallel (~> 1.22)
  pg (~> 1.4)
  pry (~> 0.14)
  rake (~> 13.0)
  redis (~> 4.2.1)
  reek (~> 6.1)
  refinements (~> 9.1)
  roo
  rspec
  simplecov (~> 0.21)
  smarter_csv (~> 1.7.4)
  tabulo (~> 3)
  thor (~> 1)
  thor-hollaback (~> 0)
  time_up
  yard (~> 0.9)
  zeitwerk (~> 2.5)

RUBY VERSION
   ruby 3.4.1p0

BUNDLED WITH
   2.7.1
