GIT
  remote: https://github.com/collectionspace/collectionspace-client.git
  revision: 62b4519539eec8a24af95ba57b16d2a3fb2920f2
  branch: main
  specs:
    collectionspace-client (0.15.1)
      httparty
      json
      nokogiri

GIT
  remote: https://github.com/collectionspace/collectionspace-mapper.git
  revision: 9d66dfec79efd52eb5c999924346ffb25e63b4df
  tag: v5.0.6
  specs:
    collectionspace-mapper (5.0.6)
      activesupport (= 7.0.4.3)
      chronic
      collectionspace-client (~> 0.15.0)
      collectionspace-refcache (~> 1.0.0)
      dry-configurable (~> 0.14)
      dry-monads (~> 1.4)
      memo_wise (~> 1.1.0)
      nokogiri (>= 1.13.3, < 1.15.0)
      xxhash (>= 0.4.0)
      zeitwerk (~> 2.5)

GIT
  remote: https://github.com/collectionspace/collectionspace-refcache.git
  revision: ade17428230a7b3d3d05d7384975d71bc866711f
  tag: v1.0.0
  specs:
    collectionspace-refcache (1.0.0)
      redis (~> 4.2.1)
      zache (~> 0.12.0)

GIT
  remote: https://github.com/dts-hosting/cspace_hosted_instance_access.git
  revision: 4fd32833c92cc4785c5c87aa7621a14001e49672
  branch: main
  specs:
    cspace_hosted_instance_access (0.0.1)
      aws-sdk-dynamodb
      aws-sdk-ssm
      rexml
      zeitwerk

GIT
  remote: https://github.com/kspurgin/almost_standard.git
  revision: 418bea721ba1c0144d55f2588a4120c1eb4d4b1c
  branch: main
  specs:
    almost_standard (1.0.0)
      bundler
      rubocop
      rubocop-rspec
      standard

GEM
  remote: https://rubygems.org/
  specs:
    activesupport (7.0.4.3)
      concurrent-ruby (~> 1.0, >= 1.0.2)
      i18n (>= 1.6, < 2)
      minitest (>= 5.1)
      tzinfo (~> 2.0)
    amazing_print (1.4.0)
    asciidoctor (2.0.18)
    ast (2.4.2)
    aws-eventstream (1.3.2)
    aws-partitions (1.1100.0)
    aws-sdk-cloudwatchlogs (1.62.0)
      aws-sdk-core (~> 3, >= 3.165.0)
      aws-sigv4 (~> 1.1)
    aws-sdk-core (3.223.0)
      aws-eventstream (~> 1, >= 1.3.0)
      aws-partitions (~> 1, >= 1.992.0)
      aws-sigv4 (~> 1.9)
      base64
      jmespath (~> 1, >= 1.6.1)
      logger
    aws-sdk-dynamodb (1.143.0)
      aws-sdk-core (~> 3, >= 3.216.0)
      aws-sigv4 (~> 1.5)
    aws-sdk-kms (1.63.0)
      aws-sdk-core (~> 3, >= 3.165.0)
      aws-sigv4 (~> 1.1)
    aws-sdk-s3 (1.121.0)
      aws-sdk-core (~> 3, >= 3.165.0)
      aws-sdk-kms (~> 1)
      aws-sigv4 (~> 1.4)
    aws-sdk-ssm (1.194.0)
      aws-sdk-core (~> 3, >= 3.216.0)
      aws-sigv4 (~> 1.5)
    aws-sigv4 (1.11.0)
      aws-eventstream (~> 1, >= 1.0.2)
    base64 (0.2.0)
    benchmark-memory (0.2.0)
      memory_profiler (~> 1)
    bundler-leak (0.3.0)
      bundler (>= 1.2.0, < 3)
      thor (>= 0.18, < 2)
    chronic (0.10.2)
    coderay (1.1.3)
    concurrent-ruby (1.2.2)
    csv (3.3.4)
    dead_end (3.1.2)
    debug (1.7.2)
      irb (>= 1.5.0)
      reline (>= 0.3.1)
    diff-lcs (1.6.1)
    docile (1.4.0)
    dry-configurable (0.16.1)
      dry-core (~> 0.6)
      zeitwerk (~> 2.6)
    dry-container (0.9.0)
      concurrent-ruby (~> 1.0)
      dry-configurable (~> 0.13, >= 0.13.0)
    dry-core (0.9.1)
      concurrent-ruby (~> 1.0)
      zeitwerk (~> 2.6)
    dry-events (0.4.0)
      concurrent-ruby (~> 1.0)
      dry-core (~> 0.9, >= 0.9)
    dry-inflector (0.3.0)
    dry-initializer (3.1.1)
    dry-logic (1.3.0)
      concurrent-ruby (~> 1.0)
      dry-core (~> 0.9, >= 0.9)
      zeitwerk (~> 2.6)
    dry-matcher (0.9.0)
      dry-core (~> 0.4, >= 0.4.8)
    dry-monads (1.5.0)
      concurrent-ruby (~> 1.0)
      dry-core (~> 0.9, >= 0.9)
      zeitwerk (~> 2.6)
    dry-schema (1.11.3)
      concurrent-ruby (~> 1.0)
      dry-configurable (~> 0.16, >= 0.16)
      dry-core (~> 0.9, >= 0.9)
      dry-initializer (~> 3.0)
      dry-logic (~> 1.3)
      dry-types (~> 1.6)
      zeitwerk (~> 2.6)
    dry-transaction (0.14.0)
      dry-container (>= 0.2.8)
      dry-events (>= 0.4.0)
      dry-matcher (>= 0.7.0)
      dry-monads (>= 0.5.0)
    dry-types (1.6.1)
      concurrent-ruby (~> 1.0)
      dry-container (~> 0.3)
      dry-core (~> 0.9, >= 0.9)
      dry-inflector (~> 0.1, >= 0.1.2)
      dry-logic (~> 1.3, >= 1.3)
      zeitwerk (~> 2.6)
    dry-validation (1.9.0)
      concurrent-ruby (~> 1.0)
      dry-container (~> 0.7, >= 0.7.1)
      dry-core (~> 0.9, >= 0.9)
      dry-initializer (~> 3.0)
      dry-schema (~> 1.11, >= 1.11.0)
      zeitwerk (~> 2.6)
    ffi (1.15.5)
    formatador (1.1.0)
    guard (2.18.0)
      formatador (>= 0.2.4)
      listen (>= 2.7, < 4.0)
      lumberjack (>= 1.0.12, < 2.0)
      nenv (~> 0.1)
      notiffany (~> 0.0)
      pry (>= 0.13.0)
      shellany (~> 0.0)
      thor (>= 0.18.1)
    guard-compat (1.2.1)
    guard-rspec (4.7.3)
      guard (~> 2.1)
      guard-compat (~> 1.1)
      rspec (>= 2.99.0, < 4.0)
    hollaback (0.1.1)
    httparty (0.23.1)
      csv
      mini_mime (>= 1.0.0)
      multi_xml (>= 0.5.2)
    i18n (1.14.1)
      concurrent-ruby (~> 1.0)
    io-console (0.6.0)
    irb (1.6.4)
      reline (>= 0.3.0)
    jmespath (1.6.2)
    json (2.11.2)
    kwalify (0.7.2)
    language_server-protocol (3.17.0.4)
    lint_roller (1.1.0)
    listen (3.8.0)
      rb-fsevent (~> 0.10, >= 0.10.3)
      rb-inotify (~> 0.9, >= 0.9.10)
    logger (1.7.0)
    lumberjack (1.2.8)
    memo_wise (1.1.0)
    memory_profiler (1.0.1)
    method_source (1.0.0)
    mime-types-data (3.2021.1115)
    mini_mime (1.1.5)
    minitest (5.22.2)
    mock_redis (0.36.0)
      ruby2_keywords
    multi_xml (0.6.0)
    nenv (0.3.0)
    nokogiri (1.14.5-x86_64-darwin)
      racc (~> 1.4)
    notiffany (0.1.3)
      nenv (~> 0.1)
      shellany (~> 0.0)
    parallel (1.26.3)
    parser (3.2.2.4)
      ast (~> 2.4.1)
      racc
    pg (1.4.6)
    pry (0.14.2)
      coderay (~> 1.1)
      method_source (~> 1.0)
    racc (1.8.1)
    rainbow (3.1.1)
    rake (13.0.6)
    rb-fsevent (0.11.2)
    rb-inotify (0.10.1)
      ffi (~> 1.0)
    redis (4.2.5)
    reek (6.1.4)
      kwalify (~> 0.7.0)
      parser (~> 3.2.0)
      rainbow (>= 2.0, < 4.0)
    refinements (9.8.0)
    regexp_parser (2.10.0)
    reline (0.3.3)
      io-console (~> 0.5)
    rexml (3.4.1)
    roo (2.10.1)
      nokogiri (~> 1)
      rubyzip (>= 1.3.0, < 3.0.0)
    rspec (3.13.0)
      rspec-core (~> 3.13.0)
      rspec-expectations (~> 3.13.0)
      rspec-mocks (~> 3.13.0)
    rspec-core (3.13.3)
      rspec-support (~> 3.13.0)
    rspec-expectations (3.13.4)
      diff-lcs (>= 1.2.0, < 2.0)
      rspec-support (~> 3.13.0)
    rspec-mocks (3.13.4)
      diff-lcs (>= 1.2.0, < 2.0)
      rspec-support (~> 3.13.0)
    rspec-support (3.13.3)
    rubocop (1.59.0)
      json (~> 2.3)
      language_server-protocol (>= 3.17.0)
      parallel (~> 1.10)
      parser (>= 3.2.2.4)
      rainbow (>= 2.2.2, < 4.0)
      regexp_parser (>= 1.8, < 3.0)
      rexml (>= 3.2.5, < 4.0)
      rubocop-ast (>= 1.30.0, < 2.0)
      ruby-progressbar (~> 1.7)
      unicode-display_width (>= 2.4.0, < 3.0)
    rubocop-ast (1.30.0)
      parser (>= 3.2.1.0)
    rubocop-performance (1.20.2)
      rubocop (>= 1.48.1, < 2.0)
      rubocop-ast (>= 1.30.0, < 2.0)
    rubocop-rspec (3.0.0)
      rubocop (~> 1.40)
    ruby-progressbar (1.13.0)
    ruby2_keywords (0.0.5)
    rubyzip (2.4.1)
    shellany (0.0.1)
    simplecov (0.22.0)
      docile (~> 1.1)
      simplecov-html (~> 0.11)
      simplecov_json_formatter (~> 0.1)
    simplecov-html (0.12.3)
    simplecov_json_formatter (0.1.4)
    smarter_csv (1.7.4)
    standard (1.33.0)
      language_server-protocol (~> 3.17.0.2)
      lint_roller (~> 1.0)
      rubocop (~> 1.59.0)
      standard-custom (~> 1.0.0)
      standard-performance (~> 1.3)
    standard-custom (1.0.2)
      lint_roller (~> 1.0)
      rubocop (~> 1.50)
    standard-performance (1.3.1)
      lint_roller (~> 1.1)
      rubocop-performance (~> 1.20.2)
    tabulo (3.0.1)
      tty-screen (= 0.8.2)
      unicode-display_width (~> 2.5)
    thor (1.4.0)
    thor-hollaback (0.2.1)
      hollaback (~> 0.1)
      thor (>= 0.19.1)
    time_up (0.0.7)
    tty-screen (0.8.2)
    tzinfo (2.0.6)
      concurrent-ruby (~> 1.0)
    unicode-display_width (2.6.0)
    xxhash (0.5.0)
    yard (0.9.34)
    zache (0.12.0)
    zeitwerk (2.6.18)

PLATFORMS
  x86_64-darwin-20

DEPENDENCIES
  almost_standard!
  amazing_print (~> 1.4)
  asciidoctor (~> 2.0)
  aws-sdk-cloudwatchlogs (~> 1)
  aws-sdk-s3 (~> 1)
  benchmark-memory (~> 0.2)
  bundler-leak (~> 0.2)
  collectionspace-client!
  collectionspace-mapper!
  collectionspace-refcache!
  cspace_hosted_instance_access!
  dead_end (~> 3.0)
  debug (~> 1.4)
  dry-monads (~> 1.4)
  dry-transaction (~> 0.13)
  dry-validation (~> 1.7)
  guard-rspec
  mime-types-data (= 3.2021.1115)
  mock_redis
  parallel (~> 1.22)
  pg (~> 1.4)
  pry (~> 0.14)
  rake (~> 13.0)
  redis (~> 4.2.1)
  reek (~> 6.1)
  refinements (~> 9.1)
  roo
  rspec
  simplecov (~> 0.21)
  smarter_csv (~> 1.7.4)
  tabulo (~> 3)
  thor (~> 1)
  thor-hollaback (~> 0)
  time_up
  yard (~> 0.9)
  zeitwerk (~> 2.5)

RUBY VERSION
   ruby 3.1.0p0

BUNDLED WITH
   2.4.12
