GIT
  remote: https://github.com/collectionspace/collectionspace-client.git
  revision: b1240d71ca95085ece7b3d1f2f067b538ab9eb2f
  tag: v0.14.1
  specs:
    collectionspace-client (0.14.1)
      httparty
      json
      nokogiri

GIT
  remote: https://github.com/collectionspace/collectionspace-mapper.git
  revision: a79c700f8bff3d3eef9f95fee7f3ee93c7873f22
  tag: v4.0.1
  specs:
    collectionspace-mapper (4.0.1)
      chronic
      dry-configurable (~> 0.14)
      facets
      memo_wise (~> 1.1.0)
      nokogiri (~> 1.13.3)
      xxhash (>= 0.4.0)
      zeitwerk (~> 2.5)

GIT
  remote: https://github.com/collectionspace/collectionspace-refcache.git
  revision: ade17428230a7b3d3d05d7384975d71bc866711f
  tag: v1.0.0
  specs:
    collectionspace-refcache (1.0.0)
      redis (~> 4.2.1)
      zache (~> 0.12.0)

GEM
  remote: https://rubygems.org/
  specs:
    amazing_print (1.4.0)
    asciidoctor (2.0.17)
    ast (2.4.2)
    aws-eventstream (1.2.0)
    aws-partitions (1.571.0)
    aws-sdk-cloudwatchlogs (1.52.0)
      aws-sdk-core (~> 3, >= 3.127.0)
      aws-sigv4 (~> 1.1)
    aws-sdk-core (3.130.0)
      aws-eventstream (~> 1, >= 1.0.2)
      aws-partitions (~> 1, >= 1.525.0)
      aws-sigv4 (~> 1.1)
      jmespath (~> 1.0)
    aws-sdk-kms (1.55.0)
      aws-sdk-core (~> 3, >= 3.127.0)
      aws-sigv4 (~> 1.1)
    aws-sdk-s3 (1.113.0)
      aws-sdk-core (~> 3, >= 3.127.0)
      aws-sdk-kms (~> 1)
      aws-sigv4 (~> 1.4)
    aws-sigv4 (1.4.0)
      aws-eventstream (~> 1, >= 1.0.2)
    benchmark-memory (0.2.0)
      memory_profiler (~> 1)
    bundler-leak (0.2.0)
      bundler (>= 1.2.0, < 3)
      thor (>= 0.18, < 2)
    chronic (0.10.2)
    coderay (1.1.3)
    concurrent-ruby (1.1.10)
    dead_end (3.1.1)
    debug (1.4.0)
      irb (>= 1.3.6)
      reline (>= 0.2.7)
    diff-lcs (1.5.0)
    docile (1.4.0)
    dry-configurable (0.14.0)
      concurrent-ruby (~> 1.0)
      dry-core (~> 0.6)
    dry-container (0.9.0)
      concurrent-ruby (~> 1.0)
      dry-configurable (~> 0.13, >= 0.13.0)
    dry-core (0.7.1)
      concurrent-ruby (~> 1.0)
    dry-events (0.3.0)
      concurrent-ruby (~> 1.0)
      dry-core (~> 0.5, >= 0.5)
    dry-inflector (0.2.1)
    dry-initializer (3.1.1)
    dry-logic (1.2.0)
      concurrent-ruby (~> 1.0)
      dry-core (~> 0.5, >= 0.5)
    dry-matcher (0.9.0)
      dry-core (~> 0.4, >= 0.4.8)
    dry-monads (1.4.0)
      concurrent-ruby (~> 1.0)
      dry-core (~> 0.7)
    dry-schema (1.9.1)
      concurrent-ruby (~> 1.0)
      dry-configurable (~> 0.13, >= 0.13.0)
      dry-core (~> 0.5, >= 0.5)
      dry-initializer (~> 3.0)
      dry-logic (~> 1.0)
      dry-types (~> 1.5)
    dry-transaction (0.13.3)
      dry-container (>= 0.2.8)
      dry-events (>= 0.1.0)
      dry-matcher (>= 0.7.0)
      dry-monads (>= 0.4.0)
    dry-types (1.5.1)
      concurrent-ruby (~> 1.0)
      dry-container (~> 0.3)
      dry-core (~> 0.5, >= 0.5)
      dry-inflector (~> 0.1, >= 0.1.2)
      dry-logic (~> 1.0, >= 1.0.2)
    dry-validation (1.8.0)
      concurrent-ruby (~> 1.0)
      dry-container (~> 0.7, >= 0.7.1)
      dry-core (~> 0.5, >= 0.5)
      dry-initializer (~> 3.0)
      dry-schema (~> 1.9, >= 1.9.1)
    facets (3.1.0)
    ffi (1.15.5)
    formatador (1.1.0)
    git-lint (3.3.1)
      dry-container (~> 0.9.0)
      git_plus (~> 1.1)
      pastel (~> 0.8)
      refinements (~> 9.2)
      runcom (~> 8.2)
      spek (~> 0.0)
      zeitwerk (~> 2.5)
    git_plus (1.2.0)
      refinements (~> 9.2)
      zeitwerk (~> 2.5)
    guard (2.18.0)
      formatador (>= 0.2.4)
      listen (>= 2.7, < 4.0)
      lumberjack (>= 1.0.12, < 2.0)
      nenv (~> 0.1)
      notiffany (~> 0.0)
      pry (>= 0.13.0)
      shellany (~> 0.0)
      thor (>= 0.18.1)
    guard-compat (1.2.1)
    guard-rspec (4.7.3)
      guard (~> 2.1)
      guard-compat (~> 1.1)
      rspec (>= 2.99.0, < 4.0)
    hollaback (0.1.1)
    httparty (0.20.0)
      mime-types (~> 3.0)
      multi_xml (>= 0.5.2)
    io-console (0.5.11)
    irb (1.4.1)
      reline (>= 0.3.0)
    jmespath (1.6.1)
    json (2.6.1)
    kwalify (0.7.2)
    listen (3.7.1)
      rb-fsevent (~> 0.10, >= 0.10.3)
      rb-inotify (~> 0.9, >= 0.9.10)
    lumberjack (1.2.8)
    memo_wise (1.1.0)
    memory_profiler (1.0.0)
    method_source (1.0.0)
    mime-types (3.4.1)
      mime-types-data (~> 3.2015)
    mime-types-data (3.2021.1115)
    mock_redis (0.30.0)
      ruby2_keywords
    multi_xml (0.6.0)
    nenv (0.3.0)
    nokogiri (1.13.6-x86_64-darwin)
      racc (~> 1.4)
    notiffany (0.1.3)
      nenv (~> 0.1)
      shellany (~> 0.0)
    parallel (1.22.0)
    parser (3.1.1.0)
      ast (~> 2.4.1)
    pastel (0.8.0)
      tty-color (~> 0.5)
    pg (1.3.3)
    pry (0.14.1)
      coderay (~> 1.1)
      method_source (~> 1.0)
    racc (1.6.0)
    rainbow (3.1.1)
    rake (13.0.6)
    rb-fsevent (0.11.1)
    rb-inotify (0.10.1)
      ffi (~> 1.0)
    redis (4.2.5)
    reek (6.1.0)
      kwalify (~> 0.7.0)
      parser (~> 3.1.0)
      rainbow (>= 2.0, < 4.0)
    refinements (9.3.0)
    regexp_parser (2.2.1)
    reline (0.3.1)
      io-console (~> 0.5)
    rexml (3.2.5)
    rspec (3.11.0)
      rspec-core (~> 3.11.0)
      rspec-expectations (~> 3.11.0)
      rspec-mocks (~> 3.11.0)
    rspec-core (3.11.0)
      rspec-support (~> 3.11.0)
    rspec-expectations (3.11.0)
      diff-lcs (>= 1.2.0, < 2.0)
      rspec-support (~> 3.11.0)
    rspec-mocks (3.11.0)
      diff-lcs (>= 1.2.0, < 2.0)
      rspec-support (~> 3.11.0)
    rspec-support (3.11.0)
    rubocop (1.25.1)
      parallel (~> 1.10)
      parser (>= 3.1.0.0)
      rainbow (>= 2.2.2, < 4.0)
      regexp_parser (>= 1.8, < 3.0)
      rexml
      rubocop-ast (>= 1.15.1, < 2.0)
      ruby-progressbar (~> 1.7)
      unicode-display_width (>= 1.4.0, < 3.0)
    rubocop-ast (1.16.0)
      parser (>= 3.1.1.0)
    rubocop-performance (1.13.2)
      rubocop (>= 1.7.0, < 2.0)
      rubocop-ast (>= 0.4.0)
    rubocop-rake (0.6.0)
      rubocop (~> 1.0)
    rubocop-rspec (2.9.0)
      rubocop (~> 1.19)
    ruby-progressbar (1.11.0)
    ruby2_keywords (0.0.5)
    runcom (8.3.0)
      refinements (~> 9.2)
      xdg (~> 6.2)
    shellany (0.0.1)
    simplecov (0.21.2)
      docile (~> 1.1)
      simplecov-html (~> 0.11)
      simplecov_json_formatter (~> 0.1)
    simplecov-html (0.12.3)
    simplecov_json_formatter (0.1.4)
    smarter_csv (1.4.2)
    spek (0.1.0)
      dry-monads (~> 1.4)
      refinements (~> 9.2)
      versionaire (~> 10.1)
      zeitwerk (~> 2.5)
    thor (1.2.1)
    thor-hollaback (0.2.1)
      hollaback (~> 0.1)
      thor (>= 0.19.1)
    time_up (0.0.7)
    tty-color (0.6.0)
    unicode-display_width (2.1.0)
    versionaire (10.2.0)
      refinements (~> 9.2)
    webrick (1.7.0)
    xdg (6.3.0)
    xxhash (0.4.0)
    yard (0.9.27)
      webrick (~> 1.7.0)
    zache (0.12.0)
    zeitwerk (2.5.4)

PLATFORMS
  x86_64-darwin-20

DEPENDENCIES
  amazing_print (~> 1.4)
  asciidoctor (~> 2.0)
  aws-sdk-cloudwatchlogs (~> 1)
  aws-sdk-s3 (~> 1)
  benchmark-memory (~> 0.2)
  bundler-leak (~> 0.2)
  collectionspace-client!
  collectionspace-mapper!
  collectionspace-refcache!
  dead_end (~> 3.0)
  debug (~> 1.4)
  dry-monads (~> 1.4)
  dry-transaction (~> 0.13)
  dry-validation (~> 1.7)
  git-lint (~> 3.0)
  guard-rspec (~> 4.7)
  mime-types-data (= 3.2021.1115)
  mock_redis (~> 0.29)
  parallel (~> 1.22)
  pg (~> 1.3)
  pry (~> 0.14)
  rake (~> 13.0)
  redis (~> 4.2.1)
  reek (~> 6.1)
  refinements (~> 9.1)
  rspec (~> 3.10)
  rubocop (~> 1.25)
  rubocop-performance (~> 1.12)
  rubocop-rake (~> 0.6)
  rubocop-rspec (~> 2.6)
  simplecov (~> 0.21)
  smarter_csv (~> 1.4.2)
  thor (~> 1.2)
  thor-hollaback (~> 0.2)
  time_up
  yard (~> 0.9)
  zeitwerk (~> 2.5)

RUBY VERSION
   ruby 3.1.0p0

BUNDLED WITH
   2.3.3
